GEM
  remote: https://rubygems.org/
  specs:
    addressable (2.7.0)
      public_suffix (>= 2.0.2, < 5.0)
    backports (3.15.0)
    chronic_duration (0.10.6)
      numerizer (~> 0.1.1)
    colsole (0.7.0)
    connection_pool (2.2.2)
    docopt (0.6.1)
    domain_name (0.5.20190701)
      unf (>= 0.0.5, < 1.0.0)
    equatable (0.6.1)
    ffi (1.11.3)
    ffi-compiler (1.0.1)
      ffi (>= 1.0.0)
      rake
    foreman (0.86.0)
    http (4.2.0)
      addressable (~> 2.3)
      http-cookie (~> 1.0)
      http-form_data (~> 2.0)
      http-parser (~> 1.2.0)
    http-cookie (1.0.3)
      domain_name (~> 0.5)
    http-form_data (2.1.1)
    http-parser (1.2.1)
      ffi-compiler (>= 1.0, < 2.0)
    httparty (0.17.3)
      mime-types (~> 3.0)
      multi_xml (>= 0.5.2)
    jobly (0.4.2)
      colsole (~> 0.6)
      http (~> 4.0)
      mister_bin (~> 0.7)
      pretty_trace (~> 0.2, >= 0.2.3)
      puma (~> 4.2)
      rack (~> 2.0)
      remote_syslog_logger (~> 1.0)
      requires (~> 0.1)
      sidekiq (~> 6.0)
      sidekiq-status (~> 1.1)
      sinatra (~> 2.0)
      sinatra-contrib (~> 2.0)
      slack-notifier (~> 2.3)
      sting (~> 0.3)
      tty-command (~> 0.9)
    loadrunner (0.4.3)
      colsole (~> 0.6)
      httparty (~> 0.14)
      puma (~> 4.3)
      sinatra (~> 2.0)
      sinatra-contrib (~> 2.0)
      super_docopt (~> 0.1)
    mime-types (3.3)
      mime-types-data (~> 3.2015)
    mime-types-data (3.2019.1009)
    mister_bin (0.7.1)
      colsole (~> 0.5)
      docopt (~> 0.6)
    multi_json (1.14.1)
    multi_xml (0.6.0)
    mustermann (1.0.3)
    nio4r (2.5.2)
    numerizer (0.1.1)
    pastel (0.7.3)
      equatable (~> 0.6)
      tty-color (~> 0.5)
    pretty_trace (0.2.3)
    public_suffix (4.0.1)
    puma (4.3.1)
      nio4r (~> 2.0)
    rack (2.0.8)
    rack-protection (2.0.7)
      rack
    rake (13.0.1)
    redis (4.1.3)
    remote_syslog_logger (1.0.4)
      syslog_protocol
    requires (0.1.1)
    sidekiq (6.0.4)
      connection_pool (>= 2.2.2)
      rack (>= 2.0.0)
      rack-protection (>= 2.0.0)
      redis (>= 4.1.0)
    sidekiq-status (1.1.4)
      chronic_duration
      sidekiq (>= 3.0)
    sinatra (2.0.7)
      mustermann (~> 1.0)
      rack (~> 2.0)
      rack-protection (= 2.0.7)
      tilt (~> 2.0)
    sinatra-contrib (2.0.7)
      backports (>= 2.8.2)
      multi_json
      mustermann (~> 1.0)
      rack-protection (= 2.0.7)
      sinatra (= 2.0.7)
      tilt (~> 2.0)
    slack-notifier (2.3.2)
    sting (0.3.0)
    super_docopt (0.1.0)
      docopt (~> 0.6)
    syslog_protocol (0.9.2)
    tilt (2.0.10)
    tty-color (0.5.0)
    tty-command (0.9.0)
      pastel (~> 0.7.0)
    unf (0.1.4)
      unf_ext
    unf_ext (0.0.7.6)

PLATFORMS
  ruby

DEPENDENCIES
  foreman
  jobly
  loadrunner

BUNDLED WITH
   2.0.2
